GEM
  remote: https://rubygems.org/
  specs:
    org-ruby (0.9.12)
      rubypants (~> 0.2)
    rubypants (0.7.1)
    tilt (2.0.10)

PLATFORMS
  ruby

DEPENDENCIES
  org-ruby (~> 0.9.12)
  tilt (~> 2.0, >= 2.0.10)

BUNDLED WITH
   2.2.13
